GIT
  remote: git://github.com/CodeBlock/language_sniffer.git
  revision: 6c72e123b514227eb9058f54051fdd6368e3b26d
  specs:
    language_sniffer (1.0.1)

GEM
  remote: http://rubygems.org/
  specs:
    backports (2.5.1)
    coderay (1.0.6)
    configru (0.5.0)
    eventmachine (0.12.10)
    json (1.6.6)
    method_source (0.7.1)
    nokogiri (1.5.2)
    on_irc (2.1.5)
      eventmachine
    promise (0.3.0)
    pry (0.9.8.4)
      coderay (~> 1.0.5)
      method_source (~> 0.7.1)
      slop (>= 2.4.4, < 3)
    rack (1.4.1)
    rack-protection (1.2.0)
      rack
    rvm (1.11.3.3)
    sinatra (1.3.2)
      rack (~> 1.3, >= 1.3.6)
      rack-protection (~> 1.2)
      tilt (~> 1.3, >= 1.3.3)
    slop (2.4.4)
    tilt (1.3.3)

PLATFORMS
  ruby

DEPENDENCIES
  backports
  configru (~> 0.5)
  json
  language_sniffer!
  nokogiri
  on_irc
  promise
  pry
  rvm
  sinatra
