GEM
  remote: https://rubygems.org/
  specs:
    ansirc (1.1.0)
    backports (3.3.0)
    charlock_holmes (0.6.9.4)
    coderay (1.0.9)
    configru (0.5.0)
    escape_utils (0.3.2)
    evalso (0.0.9)
      httparty
    eventmachine (1.0.3)
    github-linguist (2.6.7)
      charlock_holmes (~> 0.6.6)
      escape_utils (~> 0.3.1)
      mime-types (~> 1.19)
      pygments.rb (~> 0.4.2)
    httparty (0.11.0)
      multi_json (~> 1.0)
      multi_xml (>= 0.5.2)
    json (1.8.0)
    method_source (0.8.1)
    mime-types (1.23)
    multi_json (1.7.3)
    multi_xml (0.5.3)
    nokogiri (1.5.9)
    posix-spawn (0.3.6)
    promise (0.3.0)
    pry (0.9.12.2)
      coderay (~> 1.0.5)
      method_source (~> 0.8)
      slop (~> 3.4)
    pygments.rb (0.4.2)
      posix-spawn (~> 0.3.6)
      yajl-ruby (~> 1.1.0)
    rack (1.5.2)
    rack-protection (1.5.0)
      rack
    rvm (1.11.3.7)
    sinatra (1.4.2)
      rack (~> 1.5, >= 1.5.2)
      rack-protection (~> 1.4)
      tilt (~> 1.3, >= 1.3.4)
    slop (3.4.5)
    tilt (1.4.1)
    yajl-ruby (1.1.0)

PLATFORMS
  ruby

DEPENDENCIES
  ansirc
  backports
  configru (~> 0.5)
  evalso
  eventmachine
  github-linguist (~> 2.2)
  httparty
  json
  nokogiri
  promise
  pry
  rvm
  sinatra
