GEM
  remote: http://rubygems.org/
  specs:
    coderay (1.0.5)
    eventmachine (0.12.10)
    method_source (0.7.0)
    on_irc (2.1.3)
      eventmachine
    promise (0.3.0)
    pry (0.9.8.1)
      coderay (~> 1.0.5)
      method_source (~> 0.7)
      slop (>= 2.4.3, < 3)
    rvm (1.9.2)
    slop (2.4.3)

PLATFORMS
  ruby

DEPENDENCIES
  on_irc
  promise
  pry
  rvm
