GEM
  remote: http://rubygems.org/
  specs:
    coderay (1.0.5)
    configru (0.5.0)
    eventmachine (0.12.10)
    json (1.6.6)
    method_source (0.7.1)
    nokogiri (1.5.2)
    on_irc (2.1.5)
      eventmachine
    promise (0.3.0)
    pry (0.9.8.4)
      coderay (~> 1.0.5)
      method_source (~> 0.7.1)
      slop (>= 2.4.4, < 3)
    rvm (1.11.3.2)
    slop (2.4.4)

PLATFORMS
  ruby

DEPENDENCIES
  configru
  json
  nokogiri
  on_irc
  promise
  pry
  rvm
