GEM
  remote: http://rubygems.org/
  specs:
    ansirc (1.1.0)
    backports (2.6.4)
    charlock_holmes (0.6.9)
    coderay (1.0.7)
    configru (0.5.0)
    escape_utils (0.2.4)
    eventmachine (1.0.0)
    github-linguist (2.3.4)
      charlock_holmes (~> 0.6.6)
      escape_utils (~> 0.2.3)
      mime-types (~> 1.19)
      pygments.rb (>= 0.2.13)
    httparty (0.8.3)
      multi_json (~> 1.0)
      multi_xml
    json (1.7.5)
    method_source (0.8)
    mime-types (1.19)
    multi_json (1.3.6)
    multi_xml (0.5.1)
    nokogiri (1.5.5)
    on_irc (2.1.5)
      eventmachine
    posix-spawn (0.3.6)
    promise (0.3.0)
    pry (0.9.10)
      coderay (~> 1.0.5)
      method_source (~> 0.8)
      slop (~> 3.3.1)
    pygments.rb (0.3.1)
      posix-spawn (~> 0.3.6)
      yajl-ruby (~> 1.1.0)
    rack (1.4.1)
    rack-protection (1.2.0)
      rack
    rubyheap (0.1.2)
      httparty (~> 0.8.1)
    rvm (1.11.3.5)
    sinatra (1.3.3)
      rack (~> 1.3, >= 1.3.6)
      rack-protection (~> 1.2)
      tilt (~> 1.3, >= 1.3.3)
    slop (3.3.3)
    tilt (1.3.3)
    yajl-ruby (1.1.0)

PLATFORMS
  ruby

DEPENDENCIES
  ansirc
  backports
  configru (~> 0.5)
  github-linguist (~> 2.2)
  json
  nokogiri
  on_irc
  promise
  pry
  rubyheap
  rvm
  sinatra
